GEM
  remote: http://rubygems.org/
  specs:
    haml (3.1.4)
    sass (3.1.14)

PLATFORMS
  java
  ruby

DEPENDENCIES
  haml
  sass
